GEM
  remote: https://rubygems.org/
  specs:
    webrick (1.8.1)

PLATFORMS
  x86_64-linux

DEPENDENCIES
  webrick
